GIT
  remote: git://github.com/jtarchie/simplydb.git
  revision: ff956e69ae7183e4ae5fccef83e1cec5fbc934af
  specs:
    simplydb (0.0.1)
      json
      nokogiri
      rest-client
      sinatra

GEM
  remote: http://rubygems.org/
  specs:
    json (1.5.1)
    mime-types (1.16)
    nokogiri (1.4.4)
    rack (1.2.2)
    rest-client (1.6.1)
      mime-types (>= 1.16)
    sinatra (1.2.3)
      rack (~> 1.1)
      tilt (>= 1.2.2, < 2.0)
    tilt (1.2.2)

PLATFORMS
  ruby

DEPENDENCIES
  simplydb!
