GIT
  remote: git://github.com/jtarchie/simplydb.git
  revision: 466ce480a9d558f83e7ffcd72e05328e257407d5
  specs:
    simplydb (0.0.3)
      json
      nokogiri
      rest-client
      sinatra

GEM
  remote: http://rubygems.org/
  specs:
    daemons (1.1.0)
    diff-lcs (1.1.2)
    eventmachine (0.12.10)
    json (1.5.1)
    mime-types (1.16)
    nokogiri (1.4.4)
    rack (1.2.2)
    rack-test (0.5.7)
      rack (>= 1.0)
    rest-client (1.6.1)
      mime-types (>= 1.16)
    rspec (2.5.0)
      rspec-core (~> 2.5.0)
      rspec-expectations (~> 2.5.0)
      rspec-mocks (~> 2.5.0)
    rspec-core (2.5.1)
    rspec-expectations (2.5.0)
      diff-lcs (~> 1.1.2)
    rspec-mocks (2.5.0)
    sinatra (1.2.3)
      rack (~> 1.1)
      tilt (< 2.0, >= 1.2.2)
    thin (1.2.7)
      daemons (>= 1.0.9)
      eventmachine (>= 0.12.6)
      rack (>= 1.0.0)
    tilt (1.2.2)

PLATFORMS
  ruby

DEPENDENCIES
  rack-test
  rspec
  simplydb!
  thin
